GIT
  remote: https://github.com/artcom/gom-client-ruby.git
  revision: 929657248912f5c72c0e1b2c73d62a4809ac86b6
  specs:
    gom-client (0.0.1)
      json

GIT
  remote: https://github.com/jeremyd/celluloid-websocket-client.git
  revision: 8cded598551bf0b31b4fb82ed125fc0cc3293541
  specs:
    celluloid-websocket-client (0.0.2.pre)
      celluloid-io
      websocket-driver

GEM
  remote: https://rubygems.org/
  specs:
    ast (1.1.0)
    celluloid (0.15.2)
      timers (~> 1.1.0)
    celluloid-io (0.15.0)
      celluloid (>= 0.15.0)
      nio4r (>= 0.5.0)
    chromatic (0.6.1)
    coderay (1.0.9)
    columnize (0.3.6)
    debugger (1.6.2)
      columnize (>= 0.3.1)
      debugger-linecache (~> 1.2.0)
      debugger-ruby_core_source (~> 1.2.3)
    debugger-linecache (1.2.0)
    debugger-ruby_core_source (1.2.3)
    diff-lcs (1.2.4)
    ffi (1.9.0)
    formatador (0.2.4)
    guard (2.2.0)
      formatador (>= 0.2.4)
      listen (~> 2.1)
      lumberjack (~> 1.0)
      pry (>= 0.9.12)
      thor (>= 0.18.1)
    guard-bundler (0.1.3)
      bundler (>= 1.0.0)
      guard (>= 0.2.2)
    guard-rspec (4.0.3)
      guard (>= 2.1.1)
      rspec (~> 2.14)
    guard-rubocop (1.0.0)
      guard (~> 2.0)
      rubocop (~> 0.10)
    http (0.5.0)
      http_parser.rb
    http_parser.rb (0.6.0.beta.2)
    json (1.8.1)
    listen (2.1.1)
      celluloid (>= 0.15.2)
      rb-fsevent (>= 0.9.3)
      rb-inotify (>= 0.9)
    lumberjack (1.0.4)
    method_source (0.8.2)
    nio4r (0.5.0)
    nokogiri (1.4.4)
    osc-ruby (1.1.0)
    parser (2.0.0)
      ast (~> 1.1)
      slop (~> 3.4, >= 3.4.5)
    powerpack (0.0.9)
    pry (0.9.12.2)
      coderay (~> 1.0.5)
      method_source (~> 0.8)
      slop (~> 3.4)
    rainbow (1.1.4)
    rb-fsevent (0.9.3)
    rb-inotify (0.9.2)
      ffi (>= 0.5.0)
    reel (0.4.0)
      celluloid (>= 0.15.1)
      celluloid-io (>= 0.15.0)
      http (>= 0.5.0)
      http_parser.rb (>= 0.6.0.beta.2)
      websocket_parser (>= 0.1.4)
    rspec (2.14.1)
      rspec-core (~> 2.14.0)
      rspec-expectations (~> 2.14.0)
      rspec-mocks (~> 2.14.0)
    rspec-core (2.14.6)
    rspec-expectations (2.14.3)
      diff-lcs (>= 1.1.3, < 2.0)
    rspec-mocks (2.14.4)
    rubocop (0.14.1)
      parser (~> 2.0)
      powerpack (~> 0.0.6)
      rainbow (>= 1.1.4)
    serialport (1.1.0)
    slop (3.4.6)
    thor (0.18.1)
    timers (1.1.0)
    websocket-driver (0.3.0)
    websocket_parser (0.1.4)
      http

PLATFORMS
  ruby

DEPENDENCIES
  celluloid-io
  celluloid-websocket-client!
  chromatic
  debugger
  gom-client!
  guard
  guard-bundler
  guard-rspec
  guard-rubocop
  nokogiri
  osc-ruby
  reel
  rubocop
  serialport
